GEM
  remote: http://rubygems.org/
  specs:
    builder (3.0.0)
    ci_reporter (1.6.5)
      builder (>= 2.1.2)
    daemons (1.1.5)
    diff-lcs (1.1.3)
    eventmachine (0.12.11.cloudfoundry.3)
    json_pure (1.6.5)
    little-plugger (1.1.3)
    logging (1.6.1)
      little-plugger (>= 1.1.2)
    nats (0.4.22.beta.8)
      daemons (>= 1.1.4)
      eventmachine (>= 0.12.10)
      json_pure (>= 1.6.1)
      thin (>= 1.3.1)
    posix-spawn (0.3.6)
    rack (1.3.5)
    rack-protection (1.1.4)
      rack
    rack-test (0.6.1)
      rack (>= 1.0)
    rake (0.8.7)
    rcov (0.9.11)
    redis (2.2.2)
    rspec (2.7.0)
      rspec-core (~> 2.7.0)
      rspec-expectations (~> 2.7.0)
      rspec-mocks (~> 2.7.0)
    rspec-core (2.7.1)
    rspec-expectations (2.7.0)
      diff-lcs (~> 1.1.2)
    rspec-mocks (2.7.0)
    sinatra (1.3.1)
      rack (~> 1.3, >= 1.3.4)
      rack-protection (~> 1.1, >= 1.1.2)
      tilt (~> 1.3, >= 1.3.3)
    thin (1.3.1)
      daemons (>= 1.0.9)
      eventmachine (>= 0.12.6)
      rack (>= 1.0.0)
    tilt (1.3.3)
    uuidtools (2.1.2)
    vcap_common (1.0.8)
      eventmachine (~> 0.12.11.cloudfoundry.3)
      nats (~> 0.4.22.beta.8)
      posix-spawn (~> 0.3.6)
      thin (~> 1.3.1)
      yajl-ruby (~> 0.8.3)
    vcap_logging (0.1.3)
    yajl-ruby (0.8.3)

PLATFORMS
  ruby

DEPENDENCIES
  ci_reporter
  logging (>= 1.5.0)
  nats
  rack-test
  rake
  rcov
  redis
  rspec
  sinatra
  thin
  uuidtools
  vcap_common (>= 1.0.8)
  vcap_logging (>= 0.1.3)
